PATH
  remote: .
  specs:
    jsdg (0.1.0)

GEM
  remote: https://rubygems.org/
  specs:
    minitest (5.15.0)
    rake (13.0.6)

PLATFORMS
  x64-mingw-ucrt

DEPENDENCIES
  jsdg!
  minitest (~> 5.0)
  rake (~> 13.0)

BUNDLED WITH
   2.3.23
